GEM
  remote: https://rubygems.org/
  specs:
    minitest (5.3.5)
    rake (12.3.1)

PLATFORMS
  x64-mingw32

DEPENDENCIES
  minitest (~> 5.3.4)
  rake

BUNDLED WITH
   1.17.3
